GEM
  remote: https://rubygems.org/
  specs:
    hoe (3.7.1)
      rake (>= 0.8, < 11.0)
    hoe-bundler (1.2.0)
      hoe (>= 2.2.0)
    hoe-debugging (1.1.1)
    hoe-gemspec (1.0.0)
      hoe (>= 2.2.0)
    hoe-git (1.5.0)
      hoe (>= 2.2.0)
    json (1.8.1)
    json (1.8.1-java)
    mini_portile (0.5.2)
    minitest (2.2.2)
    rake (10.1.0)
    rake-compiler (0.8.3)
      rake
    rdoc (4.0.1)
      json (~> 1.4)

PLATFORMS
  java
  ruby

DEPENDENCIES
  hoe (~> 3.7)
  hoe-bundler (>= 1.1)
  hoe-debugging (>= 1.0.3)
  hoe-gemspec (>= 1.0)
  hoe-git (>= 1.4)
  mini_portile (~> 0.5.0)
  minitest (~> 2.2.2)
  rake (>= 0.9)
  rake-compiler (~> 0.8.0)
  rdoc (~> 4.0)
