GEM
  remote: https://rubygems.org/
  specs:
    barby (0.6.8)
    hoe (3.26.0)
      rake (>= 0.8, < 15.0)
    hoe-bundler (1.5.0)
    hoe-debugging (2.0.0)
    hoe-gemspec (1.0.0)
      hoe (>= 2.2.0)
    hoe-git (1.6.0)
    jar-dependencies (0.4.1)
    minitest (2.2.2)
    psych (5.1.0)
      stringio
    psych (5.1.0-java)
      jar-dependencies (>= 0.1.7)
    rake (13.0.6)
    rake-compiler (0.8.3)
      rake
    rdoc (6.5.0)
      psych (>= 4.0.0)
    stringio (3.0.5)

PLATFORMS
  java
  ruby

DEPENDENCIES
  barby (>= 0.5.1)
  hoe (~> 3.26)
  hoe-bundler (>= 1.1)
  hoe-debugging (>= 1.0.3)
  hoe-gemspec (>= 1.0)
  hoe-git (>= 1.4)
  minitest (~> 2.2.2)
  rake (>= 12.r2)
  rake-compiler (~> 0.8.0)
  rdoc (>= 4.0, < 7)

BUNDLED WITH
   2.4.7
